GEM
  remote: https://rubygems.org/
  specs:
    coderay (1.1.3)
    json (2.6.2)
    method_source (1.0.0)
    mustermann (3.0.0)
      ruby2_keywords (~> 0.0.1)
    nio4r (2.5.8)
    pry (0.14.1)
      coderay (~> 1.1)
      method_source (~> 1.0)
    puma (6.0.0)
      nio4r (~> 2.0)
    rack (2.2.4)
    rack-protection (3.0.2)
      rack
    ruby2_keywords (0.0.5)
    sinatra (3.0.2)
      mustermann (~> 3.0)
      rack (~> 2.2, >= 2.2.4)
      rack-protection (= 3.0.2)
      tilt (~> 2.0)
    tilt (2.0.11)

PLATFORMS
  arm64-darwin-21

DEPENDENCIES
  json
  pry
  puma
  sinatra (~> 3.0, >= 3.0.2)

RUBY VERSION
   ruby 3.1.2p20

BUNDLED WITH
   2.3.19
